GEM
  remote: https://rubygems.org/
  specs:
    codecov (0.1.15)
      json
      simplecov
      url
    diff-lcs (1.3)
    docile (1.3.2)
    json (2.2.0)
    minitest (5.11.3)
    mustermann (1.0.3)
    rack (2.0.6)
    rack-protection (2.0.5)
      rack
    rack-test (1.1.0)
      rack (>= 1.0, < 3)
    rake (13.0.0)
    require_all (2.0.0)
    rspec (3.9.0)
      rspec-core (~> 3.9.0)
      rspec-expectations (~> 3.9.0)
      rspec-mocks (~> 3.9.0)
    rspec-core (3.9.0)
      rspec-support (~> 3.9.0)
    rspec-expectations (3.9.0)
      diff-lcs (>= 1.2.0, < 2.0)
      rspec-support (~> 3.9.0)
    rspec-mocks (3.9.0)
      diff-lcs (>= 1.2.0, < 2.0)
      rspec-support (~> 3.9.0)
    rspec-support (3.9.0)
    simplecov (0.16.1)
      docile (~> 1.1)
      json (>= 1.8, < 3)
      simplecov-html (~> 0.10.0)
    simplecov-html (0.10.2)
    sinatra (2.0.5)
      mustermann (~> 1.0)
      rack (~> 2.0)
      rack-protection (= 2.0.5)
      tilt (~> 2.0)
    slim (4.0.1)
      temple (>= 0.7.6, < 0.9)
      tilt (>= 2.0.6, < 2.1)
    temple (0.8.1)
    tilt (2.0.9)
    url (0.3.2)
    yaml-lint (0.0.10)

PLATFORMS
  ruby

DEPENDENCIES
  codecov (~> 0.1.15)
  minitest (~> 5.11.1)
  rack-test (~> 1.1.0)
  rake (~> 13.0.0)
  require_all (~> 2.0.0)
  rspec (~> 3.9.0)
  simplecov (~> 0.16.1)
  sinatra (~> 2.0.5)
  slim (~> 4.0.1)
  tilt (~> 2.0.9)
  yaml-lint (~> 0.0.10)

RUBY VERSION
   ruby 2.6.2p47

BUNDLED WITH
   2.0.1
