GIT
  remote: git://github.com/sinatra/sinatra.git
  revision: 62fb8ad8c6a42a2e1b755a9cbc419b78ea5f10ea
  specs:
    rack-protection (2.0.1.rc1)
      rack
    sinatra (2.0.1.rc1)
      mustermann (~> 1.0)
      rack (~> 2.0)
      rack-protection (= 2.0.1.rc1)
      tilt (~> 2.0)

GEM
  remote: https://rubygems.org/
  specs:
    codecov (0.1.10)
      json
      simplecov
      url
    coveralls (0.8.21)
      json (>= 1.8, < 3)
      simplecov (~> 0.14.1)
      term-ansicolor (~> 1.3)
      thor (~> 0.19.4)
      tins (~> 1.6)
    diff-lcs (1.3)
    docile (1.1.5)
    json (2.1.0)
    minitest (5.11.3)
    mustermann (1.0.1)
    rack (2.0.4)
    rack-test (0.8.2)
      rack (>= 1.0, < 3)
    rake (12.3.0)
    require_all (1.5.0)
    rspec (3.7.0)
      rspec-core (~> 3.7.0)
      rspec-expectations (~> 3.7.0)
      rspec-mocks (~> 3.7.0)
    rspec-core (3.7.1)
      rspec-support (~> 3.7.0)
    rspec-expectations (3.7.0)
      diff-lcs (>= 1.2.0, < 2.0)
      rspec-support (~> 3.7.0)
    rspec-mocks (3.7.0)
      diff-lcs (>= 1.2.0, < 2.0)
      rspec-support (~> 3.7.0)
    rspec-support (3.7.1)
    simplecov (0.14.1)
      docile (~> 1.1.0)
      json (>= 1.8, < 3)
      simplecov-html (~> 0.10.0)
    simplecov-html (0.10.2)
    slim (3.0.9)
      temple (>= 0.7.6, < 0.9)
      tilt (>= 1.3.3, < 2.1)
    temple (0.8.0)
    term-ansicolor (1.6.0)
      tins (~> 1.0)
    thor (0.19.4)
    tilt (2.0.8)
    tins (1.16.3)
    url (0.3.2)
    yaml-lint (0.0.9)

PLATFORMS
  ruby

DEPENDENCIES
  codecov (~> 0.1.10)
  coveralls (~> 0.8.21)
  minitest (~> 5.11.1)
  rack-test (~> 0.8.2)
  rake (~> 12.3.0)
  require_all (~> 1.5.0)
  rspec (~> 3.7.0)
  sinatra!
  slim (~> 3.0.9)
  tilt (~> 2.0.7)
  yaml-lint (~> 0.0.9)

RUBY VERSION
   ruby 2.5.0p0

BUNDLED WITH
   1.16.1
