GEM
  remote: https://rubygems.org/
  specs:
    codecov (0.4.1)
      simplecov (>= 0.15, < 0.22)
    coveralls (0.8.23)
      json (>= 1.8, < 3)
      simplecov (~> 0.16.1)
      term-ansicolor (~> 1.3)
      thor (>= 0.19.4, < 2.0)
      tins (~> 1.6)
    diff-lcs (1.3)
    docile (1.3.5)
    json (2.5.1)
    minitest (5.14.0)
    mustermann (1.1.0)
      ruby2_keywords (~> 0.0.1)
    rack (2.2.2)
    rack-protection (2.0.8.1)
      rack
    rack-test (1.1.0)
      rack (>= 1.0, < 3)
    rake (13.0.1)
    require_all (3.0.0)
    rspec (3.9.0)
      rspec-core (~> 3.9.0)
      rspec-expectations (~> 3.9.0)
      rspec-mocks (~> 3.9.0)
    rspec-core (3.9.0)
      rspec-support (~> 3.9.0)
    rspec-expectations (3.9.0)
      diff-lcs (>= 1.2.0, < 2.0)
      rspec-support (~> 3.9.0)
    rspec-mocks (3.9.0)
      diff-lcs (>= 1.2.0, < 2.0)
      rspec-support (~> 3.9.0)
    rspec-support (3.9.0)
    ruby2_keywords (0.0.1)
    simplecov (0.16.1)
      docile (~> 1.1)
      json (>= 1.8, < 3)
      simplecov-html (~> 0.10.0)
    simplecov-html (0.10.2)
    sinatra (2.0.8.1)
      mustermann (~> 1.0)
      rack (~> 2.0)
      rack-protection (= 2.0.8.1)
      tilt (~> 2.0)
    slim (4.0.1)
      temple (>= 0.7.6, < 0.9)
      tilt (>= 2.0.6, < 2.1)
    temple (0.8.2)
    term-ansicolor (1.7.1)
      tins (~> 1.0)
    thor (0.20.3)
    tilt (2.0.10)
    tins (1.21.1)
    yaml-lint (0.0.10)

PLATFORMS
  ruby

DEPENDENCIES
  codecov (~> 0.4.1)
  coveralls (~> 0.8.23)
  minitest (~> 5.14.0)
  rack-test (~> 1.1.0)
  rake (~> 13.0.1)
  require_all (~> 3.0.0)
  rspec (~> 3.9.0)
  simplecov (~> 0.16.1)
  sinatra (~> 2.0.8)
  slim (~> 4.0.1)
  tilt (~> 2.0.9)
  yaml-lint (~> 0.0.10)

RUBY VERSION
   ruby 2.6.5p114

BUNDLED WITH
   2.0.2
