GEM
  remote: https://rubygems.org/
  specs:
    codecov (0.6.0)
      simplecov (>= 0.15, < 0.22)
    diff-lcs (1.5.0)
    docile (1.4.0)
    minitest (5.16.1)
    mustermann (1.1.1)
      ruby2_keywords (~> 0.0.1)
    rack (2.2.3.1)
    rack-protection (2.2.0)
      rack
    rack-test (2.0.1)
      rack (>= 1.3)
    rake (13.0.6)
    require_all (3.0.0)
    rspec (3.11.0)
      rspec-core (~> 3.11.0)
      rspec-expectations (~> 3.11.0)
      rspec-mocks (~> 3.11.0)
    rspec-core (3.11.0)
      rspec-support (~> 3.11.0)
    rspec-expectations (3.11.0)
      diff-lcs (>= 1.2.0, < 2.0)
      rspec-support (~> 3.11.0)
    rspec-mocks (3.11.1)
      diff-lcs (>= 1.2.0, < 2.0)
      rspec-support (~> 3.11.0)
    rspec-support (3.11.0)
    ruby2_keywords (0.0.5)
    simplecov (0.21.2)
      docile (~> 1.1)
      simplecov-html (~> 0.11)
      simplecov_json_formatter (~> 0.1)
    simplecov-html (0.12.3)
    simplecov_json_formatter (0.1.4)
    sinatra (2.2.0)
      mustermann (~> 1.0)
      rack (~> 2.2)
      rack-protection (= 2.2.0)
      tilt (~> 2.0)
    slim (4.1.0)
      temple (>= 0.7.6, < 0.9)
      tilt (>= 2.0.6, < 2.1)
    temple (0.8.2)
    tilt (2.0.10)
    webrick (1.7.0)
    yaml-lint (0.0.10)

PLATFORMS
  x86_64-linux

DEPENDENCIES
  codecov (~> 0.6.0)
  minitest (~> 5.16.1)
  rack-test (~> 2.0.1)
  rake (~> 13.0.6)
  require_all (~> 3.0.0)
  rspec (~> 3.11.0)
  simplecov (~> 0.21.2)
  sinatra (~> 2.2.0)
  slim (~> 4.1.0)
  tilt (~> 2.0.10)
  webrick (~> 1.7)
  yaml-lint (~> 0.0.10)

RUBY VERSION
   ruby 3.1.2p20

BUNDLED WITH
   2.3.16
